GEM
  remote: https://rubygems.org/
  specs:
    time_math2 (0.0.6)

PLATFORMS
  ruby

DEPENDENCIES
  time_math2

BUNDLED WITH
   2.1.4
